GEM
  remote: https://rubygems.org/
  specs:
    nokogiri (1.5.9)
    nokogiri-plist (0.5.0)
      nokogiri
    ruby_gntp (0.3.4)

PLATFORMS
  ruby

DEPENDENCIES
  nokogiri-plist
  ruby_gntp
