GEM
  remote: https://rubygems.org/
  specs:
    columnize (0.3.6)
    debugger (1.6.1)
      columnize (>= 0.3.1)
      debugger-linecache (~> 1.2.0)
      debugger-ruby_core_source (~> 1.2.3)
    debugger-linecache (1.2.0)
    debugger-ruby_core_source (1.2.3)
    nokogiri (1.5.9)
    nokogiri-plist (0.5.0)
      nokogiri
    ruby_gntp (0.3.4)

PLATFORMS
  ruby

DEPENDENCIES
  debugger
  nokogiri-plist
  ruby_gntp
